PATH
  remote: .
  specs:
    xe (0.0.1)

GEM
  remote: https://rubygems.org/
  specs:
    colored (1.2)
    diff-lcs (1.2.5)
    multi_json (1.9.2)
    rspec (2.14.1)
      rspec-core (~> 2.14.0)
      rspec-expectations (~> 2.14.0)
      rspec-mocks (~> 2.14.0)
    rspec-core (2.14.8)
    rspec-expectations (2.14.5)
      diff-lcs (>= 1.1.3, < 2.0)
    rspec-instafail (0.2.4)
    rspec-mocks (2.14.6)
    ruby-prof (0.15.1)
    simplecov (0.7.1)
      multi_json (~> 1.0)
      simplecov-html (~> 0.7.1)
    simplecov-html (0.7.1)

PLATFORMS
  ruby

DEPENDENCIES
  colored
  rspec (~> 2.14.1)
  rspec-instafail (~> 0.2)
  ruby-prof (>= 0.15.1)
  simplecov (= 0.7.1)
  xe!
